GEM
  remote: https://rubygem.org/
  specs:

PLATFORMS
  ruby

DEPENDENCIES
